GEM
  remote: https://rubygems.org/
  specs:
    mime (0.4.3)
    mime-types (3.1)
      mime-types-data (~> 3.2015)
    mime-types-data (3.2016.0521)
    mini_exiftool (2.8.0)
    mini_portile2 (2.5.1)
    nokogiri (1.11.4)
      mini_portile2 (~> 2.5.0)
      racc (~> 1.4)
    racc (1.5.2)
    spider (0.5.1)
    zip (2.0.2)

PLATFORMS
  ruby

DEPENDENCIES
  mime
  mime-types
  mini_exiftool
  nokogiri
  spider
  zip

BUNDLED WITH
   1.13.6
